GEM
  remote: http://rubygems.org/
  specs:
    Ascii85 (1.0.1)
    actionmailer (2.3.14)
      actionpack (= 2.3.14)
    actionpack (2.3.14)
      activesupport (= 2.3.14)
      rack (~> 1.1.0)
    activerecord (2.3.14)
      activesupport (= 2.3.14)
    activeresource (2.3.14)
      activesupport (= 2.3.14)
    activesupport (2.3.14)
    capistrano (2.9.0)
      highline
      net-scp (>= 1.0.0)
      net-sftp (>= 2.0.0)
      net-ssh (>= 2.0.14)
      net-ssh-gateway (>= 1.1.0)
    capistrano_colors (0.5.5)
    coderay (1.0.4)
    highline (1.6.9)
    holidays (1.0.4)
      holidays
    i18n (0.4.2)
    icalendar (1.1.6)
    net-scp (1.0.4)
      net-ssh (>= 1.99.1)
    net-sftp (2.0.5)
      net-ssh (>= 2.0.9)
    net-ssh (2.2.1)
    net-ssh-gateway (1.1.0)
      net-ssh (>= 1.99.1)
    nokogiri (1.5.0)
    open-uri-cached (0.0.4)
    pdf-reader (0.10.1)
      Ascii85 (~> 1.0.0)
    pg (0.12.0)
      rake-compiler (~> 0.7)
    prawn (0.12.0)
      pdf-reader (>= 0.9.0)
      ttfunk (~> 1.0.2)
    rack (1.1.1)
    rails (2.3.14)
      actionmailer (= 2.3.14)
      actionpack (= 2.3.14)
      activerecord (= 2.3.14)
      activeresource (= 2.3.14)
      activesupport (= 2.3.14)
      rake (>= 0.8.3)
    rake (0.8.7)
    rake-compiler (0.7.9)
      rake
    ttfunk (1.0.3)

PLATFORMS
  ruby

DEPENDENCIES
  capistrano
  capistrano_colors
  coderay
  holidays
  i18n (= 0.4.2)
  icalendar
  nokogiri
  open-uri-cached
  pg
  prawn
  rack (= 1.1.1)
  rails (= 2.3.14)
  rake (= 0.8.7)
